GEM
  remote: http://rubygems.org/
  specs:
    amqp (0.7.0)
      eventmachine (>= 0.12.4)
    builder (3.0.0)
    cucumber (0.10.0)
      builder (>= 2.1.2)
      diff-lcs (~> 1.1.2)
      gherkin (~> 2.3.2)
      json (~> 1.4.6)
      term-ansicolor (~> 1.0.5)
    diff-lcs (1.1.2)
    eventmachine (0.12.10)
    gherkin (2.3.2)
      json (~> 1.4.6)
      term-ansicolor (~> 1.0.5)
    git (1.2.5)
    jeweler (1.5.1)
      bundler (~> 1.0.0)
      git (>= 1.2.5)
      rake
    json (1.4.6)
    rake (0.8.7)
    rspec (1.3.1)
    term-ansicolor (1.0.5)

PLATFORMS
  ruby

DEPENDENCIES
  amqp (= 0.7.0)
  bundler (~> 1.0.0)
  cucumber (>= 0.9.4)
  jeweler (~> 1.5.1)
  rake (>= 0.8.7)
  rspec (~> 1.3.0)
