PATH
  remote: .
  specs:
    qusion (0.1.8)
      amqp (>= 0.7)
      eventmachine (>= 0.12)

GEM
  remote: http://rubygems.org/
  remote: http://gems.github.com/
  specs:
    amqp (0.7.1)
      eventmachine (>= 0.12.4)
    builder (3.0.0)
    cucumber (0.10.3)
      builder (>= 2.1.2)
      diff-lcs (>= 1.1.2)
      gherkin (>= 2.3.8)
      json (>= 1.4.6)
      term-ansicolor (>= 1.0.5)
    diff-lcs (1.1.2)
    eventmachine (0.12.10)
    gherkin (2.3.9)
      json (>= 1.4.6)
    json (1.5.1)
    rspec (1.3.2)
    term-ansicolor (1.0.5)

PLATFORMS
  ruby

DEPENDENCIES
  cucumber (>= 0.9.4)
  qusion!
  rspec (~> 1.3.0)
