PATH
  remote: .
  specs:
    qusion (0.2.0.pre)
      amqp (= 0.8.0.rc12)

GEM
  remote: http://rubygems.org/
  remote: http://gems.github.com/
  specs:
    amq-client (0.7.0.alpha28)
      amq-protocol (>= 0.7.0.alpha4)
      eventmachine
    amq-protocol (0.7.0.alpha4)
    amqp (0.8.0.rc12)
      amq-client (>= 0.7.0.alpha25)
      eventmachine
    builder (2.1.2)
    cucumber (0.9.4)
      builder (~> 2.1.2)
      diff-lcs (~> 1.1.2)
      gherkin (~> 2.2.9)
      json (~> 1.4.6)
      term-ansicolor (~> 1.0.5)
    diff-lcs (1.1.2)
    eventmachine (0.12.10)
    gherkin (2.2.9)
      json (~> 1.4.6)
      term-ansicolor (~> 1.0.5)
    json (1.4.6)
    rspec (1.3.2)
    term-ansicolor (1.0.5)

PLATFORMS
  ruby

DEPENDENCIES
  cucumber (~> 0.9.4)
  qusion!
  rspec (~> 1.3.0)
